GEM
  remote: https://rubygems.org/
  specs:
    rexml (3.2.5)
    webrick (1.3.1)
    xmlrpc (0.3.0)

PLATFORMS
  ruby

DEPENDENCIES
  rexml
  webrick (~> 1.3, >= 1.3.1)
  xmlrpc (~> 0.3.0)
