GEM
  remote: https://rubygems.org/
  specs:
    activesupport (7.0.4)
      concurrent-ruby (~> 1.0, >= 1.0.2)
      i18n (>= 1.6, < 2)
      minitest (>= 5.1)
      tzinfo (~> 2.0)
    concurrent-ruby (1.1.10)
    i18n (1.12.0)
      concurrent-ruby (~> 1.0)
    minitest (5.16.3)
    rexml (3.2.5)
    tzinfo (2.0.5)
      concurrent-ruby (~> 1.0)
    webrick (1.3.1)
    xmlrpc (0.3.0)

PLATFORMS
  ruby

DEPENDENCIES
  activesupport
  rexml
  webrick (~> 1.3, >= 1.3.1)
  xmlrpc (~> 0.3.0)

BUNDLED WITH
   2.3.24
